GIT
  remote: git://github.com/Libertree/libertree-client-rb.git
  revision: c80deb56bb58bb192970f5d7e446047767e34cb3
  specs:
    libertree-client (0.0.5)

GIT
  remote: git://github.com/Libertree/libertree-model-rb.git
  revision: 9387db19dc25be641faaca2302fc6b73f9270e27
  branch: vue-js
  specs:
    libertree-model (0.9.11)
      bcrypt-ruby (= 3.0.1)
      gpgme
      net-ldap (~> 0.5.1)
      nokogiri (~> 1.5)
      parkdown-libertree (~> 1.4.27)
      pg
      ruby-oembed (~> 0.8.8)
      sequel (< 5)

GIT
  remote: git://github.com/mark-moseley/linecache
  revision: 869c6a65155068415925067e480741bd0a71527e
  specs:
    linecache19 (0.5.12)
      ruby_core_source (>= 0.1.4)

GEM
  remote: https://rubygems.org/
  specs:
    activesupport (5.1.5)
      concurrent-ruby (~> 1.0, >= 1.0.2)
      i18n (~> 0.7)
      minitest (~> 5.1)
      tzinfo (~> 1.1)
    archive-tar-minitar (0.6.1)
      minitar (~> 0.6)
      minitar-cli (~> 0.6)
    bcrypt-ruby (3.0.1)
    blather (1.2.0)
      activesupport (>= 2.3.11)
      eventmachine (>= 1.0.0)
      girl_friday
      niceogiri (~> 1.0)
      nokogiri (~> 1.5, >= 1.5.6, <= 1.6.1)
    columnize (0.9.0)
    concurrent-ruby (1.0.5)
    connection_pool (1.2.0)
    debugger-ruby_core_source (1.3.8)
    diff-lcs (1.3)
    em-websocket (0.5.1)
      eventmachine (>= 0.12.9)
      http_parser.rb (~> 0.6.0)
    eventmachine (1.2.5)
    factory_girl (4.9.0)
      activesupport (>= 3.0.0)
    girl_friday (0.11.2)
      connection_pool (~> 1.0)
      rubinius-actor
    gpgme (2.0.16)
      mini_portile2 (~> 2.3)
    hashie (3.5.7)
    http_parser.rb (0.6.0)
    i18n (0.9.5)
      concurrent-ruby (~> 1.0)
    json (2.1.0)
    mail (2.7.0)
      mini_mime (>= 0.1.1)
    mail-gpg (0.3.1)
      gpgme (~> 2.0, >= 2.0.2)
      mail (~> 2.5, >= 2.5.3)
    mini_mime (1.0.0)
    mini_portile (0.5.3)
    mini_portile2 (2.3.0)
    minitar (0.6.1)
    minitar-cli (0.6.1)
      minitar (~> 0.6.0)
      powerbar (~> 1.0)
    minitest (5.11.3)
    net-ldap (0.5.1)
    niceogiri (1.1.2)
      nokogiri (~> 1.5)
    nokogiri (1.6.1)
      mini_portile (~> 0.5.0)
    parkdown-libertree (1.4.27)
    pg (1.0.0)
    powerbar (1.0.18)
      hashie (>= 1.1.0)
    rake (12.3.0)
    rspec (3.7.0)
      rspec-core (~> 3.7.0)
      rspec-expectations (~> 3.7.0)
      rspec-mocks (~> 3.7.0)
    rspec-core (3.7.1)
      rspec-support (~> 3.7.0)
    rspec-expectations (3.7.0)
      diff-lcs (>= 1.2.0, < 2.0)
      rspec-support (~> 3.7.0)
    rspec-mocks (3.7.0)
      diff-lcs (>= 1.2.0, < 2.0)
      rspec-support (~> 3.7.0)
    rspec-support (3.7.1)
    rubinius-actor (0.0.2)
      rubinius-core-api
    rubinius-core-api (0.0.1)
    ruby-debug-base19 (0.11.25)
      columnize (>= 0.3.1)
      linecache19 (>= 0.5.11)
      ruby_core_source (>= 0.1.4)
    ruby-debug-base19x (0.11.32)
      debugger-ruby_core_source (> 0)
      rake (>= 0.8.1)
    ruby-debug19 (0.11.6)
      columnize (>= 0.3.1)
      linecache19 (>= 0.5.11)
      ruby-debug-base19 (>= 0.11.19)
    ruby-oembed (0.8.14)
    ruby_core_source (0.1.5)
      archive-tar-minitar (>= 0.5.2)
    sequel (4.49.0)
    thread_safe (0.3.6)
    tzinfo (1.2.5)
      thread_safe (~> 0.1)

PLATFORMS
  ruby

DEPENDENCIES
  bcrypt-ruby (~> 3.0.1)
  blather (~> 1.2.0)
  em-websocket (~> 0.5.1)
  factory_girl (~> 4.9.0)
  json (~> 2.1.0)
  libertree-client!
  libertree-model!
  linecache19!
  mail (~> 2.7.0)
  mail-gpg (~> 0.3.1)
  rspec (~> 3.7.0)
  ruby-debug-base19x (~> 0.11.30.pre4)
  ruby-debug19

BUNDLED WITH
   1.16.1
