GIT
  remote: git://github.com/Libertree/libertree-client-rb.git
  revision: c80deb56bb58bb192970f5d7e446047767e34cb3
  specs:
    libertree-client (0.0.5)

GIT
  remote: git://github.com/mark-moseley/linecache
  revision: 869c6a65155068415925067e480741bd0a71527e
  specs:
    linecache19 (0.5.12)
      ruby_core_source (>= 0.1.4)

GEM
  remote: https://rubygems.org/
  specs:
    activesupport (6.0.3.2)
      concurrent-ruby (~> 1.0, >= 1.0.2)
      i18n (>= 0.7, < 2)
      minitest (~> 5.1)
      tzinfo (~> 1.1)
      zeitwerk (~> 2.2, >= 2.2.2)
    archive-tar-minitar (0.8)
      minitar (~> 0.8)
      minitar-cli (~> 0.8)
    bcrypt (3.1.13)
    bcrypt-ruby (3.1.5)
      bcrypt (>= 3.1.3)
    blather (2.0.0)
      activesupport (>= 2.3.11)
      eventmachine (~> 1.2, >= 1.2.6)
      niceogiri (~> 1.0)
      nokogiri (~> 1.8, >= 1.8.3)
      sucker_punch (~> 2.0)
    columnize (0.9.0)
    concurrent-ruby (1.1.6)
    debugger-ruby_core_source (1.3.8)
    diff-lcs (1.4.4)
    em-websocket (0.5.1)
      eventmachine (>= 0.12.9)
      http_parser.rb (~> 0.6.0)
    eventmachine (1.2.7)
    factory_girl (4.9.0)
      activesupport (>= 3.0.0)
    gpgme (2.0.20)
      mini_portile2 (~> 2.3)
    hashie (4.1.0)
    http_parser.rb (0.6.0)
    i18n (1.8.3)
      concurrent-ruby (~> 1.0)
    json (2.3.1)
    libertree-model (0.9.14)
      bcrypt-ruby (~> 3.1.5)
      gpgme (~> 2.0.20)
      net-ldap (~> 0.16.1)
      nokogiri (~> 1.10.10)
      parkdown-libertree (~> 1.4.26)
      pg (~> 1.2.3)
      ruby-oembed (~> 0.13.1)
      sequel (~> 5.34.0)
    mail (2.7.1)
      mini_mime (>= 0.1.1)
    mail-gpg (0.4.3)
      gpgme (~> 2.0, >= 2.0.2)
      mail (~> 2.5, >= 2.5.3)
    mini_mime (1.0.2)
    mini_portile2 (2.4.0)
    minitar (0.8)
    minitar-cli (0.8)
      minitar (~> 0.8.0)
      powerbar (~> 1.0)
    minitest (5.14.1)
    net-ldap (0.16.2)
    niceogiri (1.1.2)
      nokogiri (~> 1.5)
    nokogiri (1.10.10)
      mini_portile2 (~> 2.4.0)
    parkdown-libertree (1.4.27)
    pg (1.2.3)
    powerbar (1.0.18)
      hashie (>= 1.1.0)
    rake (13.0.1)
    rspec (3.9.0)
      rspec-core (~> 3.9.0)
      rspec-expectations (~> 3.9.0)
      rspec-mocks (~> 3.9.0)
    rspec-core (3.9.2)
      rspec-support (~> 3.9.3)
    rspec-expectations (3.9.2)
      diff-lcs (>= 1.2.0, < 2.0)
      rspec-support (~> 3.9.0)
    rspec-mocks (3.9.1)
      diff-lcs (>= 1.2.0, < 2.0)
      rspec-support (~> 3.9.0)
    rspec-support (3.9.3)
    ruby-debug-base19 (0.11.25)
      columnize (>= 0.3.1)
      linecache19 (>= 0.5.11)
      ruby_core_source (>= 0.1.4)
    ruby-debug-base19x (0.11.32)
      debugger-ruby_core_source (> 0)
      rake (>= 0.8.1)
    ruby-debug19 (0.11.6)
      columnize (>= 0.3.1)
      linecache19 (>= 0.5.11)
      ruby-debug-base19 (>= 0.11.19)
    ruby-oembed (0.13.1)
    ruby_core_source (0.1.5)
      archive-tar-minitar (>= 0.5.2)
    sequel (5.34.0)
    sucker_punch (2.1.2)
      concurrent-ruby (~> 1.0)
    thread_safe (0.3.6)
    tzinfo (1.2.7)
      thread_safe (~> 0.1)
    zeitwerk (2.4.0)

PLATFORMS
  ruby

DEPENDENCIES
  bcrypt-ruby (~> 3.1.5)!
  blather (~> 2.0.0)!
  em-websocket (~> 0.5.1)!
  factory_girl (~> 4.9.0)!
  json (~> 2.3.1)!
  libertree-client!
  libertree-model (~> 0.9.14)!
  linecache19!
  mail (~> 2.7.1)!
  mail-gpg (~> 0.4.3)!
  rspec (~> 3.9.0)!
  ruby-debug-base19x (~> 0.11.30.pre4)!
  ruby-debug19!

BUNDLED WITH
   2.1.2
